GEM
  remote: http://rubygems.org/
  specs:
    crxmake (2.0.7)
      zip (~> 2.0.2)
    json (1.6.5)
    zip (2.0.2)

PLATFORMS
  ruby

DEPENDENCIES
  crxmake
  json
